PATH
  remote: .
  specs:
    role_call (0.1.1)
      activesupport (>= 5.2.1)
      spicery (>= 0.22.3.1, < 1.0)

GEM
  remote: https://rubygems.org/
  specs:
    actionpack (5.2.4.1)
      actionview (= 5.2.4.1)
      activesupport (= 5.2.4.1)
      rack (~> 2.0, >= 2.0.8)
      rack-test (>= 0.6.3)
      rails-dom-testing (~> 2.0)
      rails-html-sanitizer (~> 1.0, >= 1.0.2)
    actionview (5.2.4.1)
      activesupport (= 5.2.4.1)
      builder (~> 3.1)
      erubi (~> 1.4)
      rails-dom-testing (~> 2.0)
      rails-html-sanitizer (~> 1.0, >= 1.0.3)
    activemodel (5.2.4.1)
      activesupport (= 5.2.4.1)
    activesupport (5.2.4.1)
      concurrent-ruby (~> 1.0, >= 1.0.2)
      i18n (>= 0.7, < 2)
      minitest (~> 5.1)
      tzinfo (~> 1.1)
    around_the_world (0.22.3.1)
      activesupport (>= 5.2.1)
    ast (2.4.0)
    builder (3.2.4)
    byebug (11.0.1)
    coderay (1.1.2)
    collectible (0.22.3.1)
      activesupport (>= 5.2.1)
      short_circu_it (= 0.22.3.1)
      tablesalt (= 0.22.3.1)
    concurrent-ruby (1.1.5)
    conjunction (0.22.3.1)
      activemodel (>= 5.2.1)
      activesupport (>= 5.2.1)
      spicerack (= 0.22.3.1)
    crass (1.0.6)
    diff-lcs (1.3)
    directive (0.22.3.1)
      activesupport (>= 5.2.1)
    docile (1.3.2)
    erubi (1.9.0)
    facet (0.22.3.1)
      activesupport (>= 5.2.1)
      short_circu_it (= 0.22.3.1)
      tablesalt (= 0.22.3.1)
    faker (1.9.6)
      i18n (>= 0.7)
    i18n (1.8.2)
      concurrent-ruby (~> 1.0)
    jaro_winkler (1.5.4)
    json (2.3.0)
    loofah (2.4.0)
      crass (~> 1.0.2)
      nokogiri (>= 1.5.9)
    method_source (0.9.2)
    mini_portile2 (2.4.0)
    minitest (5.14.0)
    nokogiri (1.10.7)
      mini_portile2 (~> 2.4.0)
    parallel (1.19.1)
    parser (2.7.0.2)
      ast (~> 2.4.0)
    pry (0.12.2)
      coderay (~> 1.1.0)
      method_source (~> 0.9.0)
    pry-byebug (3.7.0)
      byebug (~> 11.0)
      pry (~> 0.10)
    rack (2.2.3)
    rack-test (1.1.0)
      rack (>= 1.0, < 3)
    rails-dom-testing (2.0.3)
      activesupport (>= 4.2.0)
      nokogiri (>= 1.6)
    rails-html-sanitizer (1.3.0)
      loofah (~> 2.3)
    railties (5.2.4.1)
      actionpack (= 5.2.4.1)
      activesupport (= 5.2.4.1)
      method_source
      rake (>= 0.8.7)
      thor (>= 0.19.0, < 2.0)
    rainbow (3.0.0)
    rake (10.5.0)
    redis (4.1.3)
    redis_hash (0.22.3.1)
      activesupport (>= 5.2.1)
      redis (>= 3.0)
      tablesalt (= 0.22.3.1)
    rspec (3.9.0)
      rspec-core (~> 3.9.0)
      rspec-expectations (~> 3.9.0)
      rspec-mocks (~> 3.9.0)
    rspec-core (3.9.1)
      rspec-support (~> 3.9.1)
    rspec-expectations (3.9.0)
      diff-lcs (>= 1.2.0, < 2.0)
      rspec-support (~> 3.9.0)
    rspec-mocks (3.9.1)
      diff-lcs (>= 1.2.0, < 2.0)
      rspec-support (~> 3.9.0)
    rspec-support (3.9.2)
    rspice (0.22.3.1)
      faker (>= 1.8, < 2.0)
      rspec (~> 3.0)
    rubocop (0.74.0)
      jaro_winkler (~> 1.5.1)
      parallel (~> 1.10)
      parser (>= 2.6)
      rainbow (>= 2.2.2, < 4.0)
      ruby-progressbar (~> 1.7)
      unicode-display_width (>= 1.4.0, < 1.7)
    rubocop-performance (1.4.1)
      rubocop (>= 0.71.0)
    rubocop-rails (2.3.0)
      rack (>= 1.1)
      rubocop (>= 0.72.0)
    rubocop-rspec (1.35.0)
      rubocop (>= 0.60.0)
    ruby-progressbar (1.10.1)
    short_circu_it (0.22.3.1)
      activesupport (>= 5.2.1)
      around_the_world (= 0.22.3.1)
    shoulda-matchers (4.0.1)
      activesupport (>= 4.2.0)
    simplecov (0.17.1)
      docile (~> 1.1)
      json (>= 1.8, < 3)
      simplecov-html (~> 0.10.0)
    simplecov-html (0.10.2)
    spicerack (0.22.3.1)
      around_the_world (= 0.22.3.1)
      directive (= 0.22.3.1)
      redis_hash (= 0.22.3.1)
      short_circu_it (= 0.22.3.1)
      tablesalt (= 0.22.3.1)
      technologic (= 0.22.3.1)
    spicerack-styleguide (0.22.3.1)
      rubocop (= 0.74)
      rubocop-performance (= 1.4.1)
      rubocop-rails (= 2.3.0)
      rubocop-rspec (= 1.35.0)
    spicery (0.22.3.1)
      collectible (= 0.22.3.1)
      conjunction (= 0.22.3.1)
      facet (= 0.22.3.1)
      spicerack (= 0.22.3.1)
    tablesalt (0.22.3.1)
      activemodel (>= 5.2.1)
      activesupport (>= 5.2.1)
    technologic (0.22.3.1)
      activesupport (>= 5.2.1)
      railties (>= 5.2.1)
      short_circu_it (= 0.22.3.1)
    thor (1.0.1)
    thread_safe (0.3.6)
    timecop (0.9.1)
    tzinfo (1.2.6)
      thread_safe (~> 0.1)
    unicode-display_width (1.6.1)

PLATFORMS
  ruby

DEPENDENCIES
  bundler (~> 2.0.1)
  pry-byebug (>= 3.7.0)
  rake (~> 10.0)
  role_call!
  rspice (>= 0.22.3.1, < 1.0)
  shoulda-matchers (= 4.0.1)
  simplecov (~> 0.16)
  spicerack-styleguide (>= 0.22.3.1, < 1.0)
  timecop (>= 0.9.1)

BUNDLED WITH
   2.0.2
